REFERENCES: STRICT
STRATEGY: MIN
RESTRICTION: == net452
NUGET
  remote: https://www.nuget.org/api/v2
    FSharp.Configuration (1.3)
      FSharp.Core (>= 4.0.0.1)
    FSharp.Core (4.2.1)
    Microsoft.Xaml (4.0.0.1)
    ncalc (1.3.8)
    Newtonsoft.Json (10.0.3)
    NUnit (3.7.1)
    NUnit.ConsoleRunner (3.6.1)
    NUnit3TestAdapter (3.7)
    System.ComponentModel (4.3)
    System.ValueTuple (4.3.1)
